GEM
  remote: https://rubygems.org/
  specs:
    base64 (0.2.0)
    coderay (1.1.3)
    csv (3.3.0)
    diff-lcs (1.5.1)
    ffi (1.17.0)
    ffi (1.17.0-x86_64-linux-gnu)
    listen (3.9.0)
      rb-fsevent (~> 0.10, >= 0.10.3)
      rb-inotify (~> 0.9, >= 0.9.10)
    method_source (1.1.0)
    mustermann (3.0.3)
      ruby2_keywords (~> 0.0.1)
    pry (0.14.2)
      coderay (~> 1.1)
      method_source (~> 1.0)
    rack (3.1.8)
    rack-protection (4.0.0)
      base64 (>= 0.1.0)
      rack (>= 3.0.0, < 4)
    rack-session (2.0.0)
      rack (>= 3.0.0)
    rackup (2.1.0)
      rack (>= 3)
      webrick (~> 1.8)
    rb-fsevent (0.11.2)
    rb-inotify (0.11.1)
      ffi (~> 1.0)
    rerun (0.14.0)
      listen (~> 3.0)
    rspec (3.13.0)
      rspec-core (~> 3.13.0)
      rspec-expectations (~> 3.13.0)
      rspec-mocks (~> 3.13.0)
    rspec-core (3.13.1)
      rspec-support (~> 3.13.0)
    rspec-expectations (3.13.3)
      diff-lcs (>= 1.2.0, < 2.0)
      rspec-support (~> 3.13.0)
    rspec-mocks (3.13.2)
      diff-lcs (>= 1.2.0, < 2.0)
      rspec-support (~> 3.13.0)
    rspec-support (3.13.1)
    ruby2_keywords (0.0.5)
    sinatra (4.0.0)
      mustermann (~> 3.0)
      rack (>= 3.0.0, < 4)
      rack-protection (= 4.0.0)
      rack-session (>= 2.0.0, < 3)
      tilt (~> 2.0)
    tilt (2.4.0)
    webrick (1.8.2)

PLATFORMS
  ruby
  x86_64-linux

DEPENDENCIES
  bundler
  csv
  pry
  rackup
  rerun
  rspec
  sinatra

RUBY VERSION
   ruby 3.2.2p53

BUNDLED WITH
   2.5.21
